PATH
  remote: .
  specs:
    active_zuora (2.0.2)
      activemodel (>= 3.0.0, < 4.0.0)
      activesupport (>= 3.0.0, < 4.0.0)
      savon (~> 0.9.9)

GEM
  remote: https://rubygems.org/
  specs:
    activemodel (3.2.13)
      activesupport (= 3.2.13)
      builder (~> 3.0.0)
    activesupport (3.2.13)
      i18n (= 0.6.1)
      multi_json (~> 1.0)
    akami (1.2.0)
      gyoku (>= 0.4.0)
      nokogiri (>= 1.4.0)
    builder (3.0.4)
    diff-lcs (1.1.3)
    gyoku (1.0.0)
      builder (>= 2.1.2)
    httpi (1.1.1)
      rack
    i18n (0.6.1)
    mini_portile (0.5.0)
    multi_json (1.7.6)
    nokogiri (1.6.0)
      mini_portile (~> 0.5.0)
    nori (1.1.5)
    rack (1.5.2)
    rake (0.8.7)
    rspec (2.8.0)
      rspec-core (~> 2.8.0)
      rspec-expectations (~> 2.8.0)
      rspec-mocks (~> 2.8.0)
    rspec-core (2.8.0)
    rspec-expectations (2.8.0)
      diff-lcs (~> 1.1.2)
    rspec-mocks (2.8.0)
    savon (0.9.14)
      akami (~> 1.1)
      builder (>= 2.1.2)
      gyoku (>= 0.4.0)
      httpi (~> 1.0)
      nokogiri (>= 1.4.0)
      nori (~> 1.1)
      wasabi (~> 2.2)
    wasabi (2.5.1)
      httpi (~> 1.0)
      nokogiri (>= 1.4.0)

PLATFORMS
  ruby

DEPENDENCIES
  active_zuora!
  rake (~> 0.8.7)
  rspec (~> 2.8.0)
